GEM
  remote: https://rubygems.org/
  specs:
    addressable (2.7.0)
      public_suffix (>= 2.0.2, < 5.0)
    dotenv (2.7.5)
    faraday (0.17.0)
      multipart-post (>= 1.2, < 3)
    licensed (2.5.0)
      bundler (>= 1.10)
      licensee (~> 9.10)
      pathname-common_prefix (~> 0.0.1)
      ruby-xxHash (~> 0.4)
      thor (~> 0.19)
      tomlrb (~> 1.2)
    licensee (9.11.0)
      dotenv (~> 2.0)
      octokit (~> 4.8.0)
      rugged (~> 0.24)
      thor (~> 0.19)
    multipart-post (2.1.1)
    octokit (4.8.0)
      sawyer (~> 0.8.0, >= 0.5.3)
    pathname-common_prefix (0.0.1)
    public_suffix (4.0.1)
    ruby-xxHash (0.4.0.1)
    rugged (0.28.3.1)
    sawyer (0.8.2)
      addressable (>= 2.3.5)
      faraday (> 0.8, < 2.0)
    thor (0.20.3)
    tomlrb (1.2.8)

PLATFORMS
  ruby

DEPENDENCIES
  licensed

BUNDLED WITH
   1.17.3
